GEM
  remote: https://rubygems.org/
  specs:
    net-ssh (2.1.4)
    net-ssh-shell (0.2.0)
      net-ssh (~> 2.1.0)

PLATFORMS
  ruby

DEPENDENCIES
  net-ssh-shell (~> 0.2.0)
